GEM
  remote: http://rubygems.org/
  specs:
    haml (3.0.25)
    rack (1.2.2)
    shotgun (0.9)
      rack (>= 1.0)
    sinatra (1.2.1)
      rack (~> 1.1)
      tilt (>= 1.2.2, < 2.0)
    spox-plist (3.0.1)
    spox-textpow (0.10.3)
      spox-plist
    spox-ultraviolet (0.10.5)
      spox-textpow
    tilt (1.2.2)

PLATFORMS
  ruby

DEPENDENCIES
  haml
  shotgun
  sinatra
  spox-ultraviolet
